GIT
  remote: git://github.com/capistrano/rbenv.git
  revision: e056efc0c361cc15b76ff961d6c5f65ed5e2c57e
  specs:
    capistrano-rbenv (2.0.4)
      capistrano (~> 3.1)
      sshkit (~> 1.3)

GEM
  remote: https://rubygems.org/
  specs:
    actionmailer (4.2.5)
      actionpack (= 4.2.5)
      actionview (= 4.2.5)
      activejob (= 4.2.5)
      mail (~> 2.5, >= 2.5.4)
      rails-dom-testing (~> 1.0, >= 1.0.5)
    actionpack (4.2.5)
      actionview (= 4.2.5)
      activesupport (= 4.2.5)
      rack (~> 1.6)
      rack-test (~> 0.6.2)
      rails-dom-testing (~> 1.0, >= 1.0.5)
      rails-html-sanitizer (~> 1.0, >= 1.0.2)
    actionview (4.2.5)
      activesupport (= 4.2.5)
      builder (~> 3.1)
      erubis (~> 2.7.0)
      rails-dom-testing (~> 1.0, >= 1.0.5)
      rails-html-sanitizer (~> 1.0, >= 1.0.2)
    activejob (4.2.5)
      activesupport (= 4.2.5)
      globalid (>= 0.3.0)
    activemodel (4.2.5)
      activesupport (= 4.2.5)
      builder (~> 3.1)
    activerecord (4.2.5)
      activemodel (= 4.2.5)
      activesupport (= 4.2.5)
      arel (~> 6.0)
    activesupport (4.2.5)
      i18n (~> 0.7)
      json (~> 1.7, >= 1.7.7)
      minitest (~> 5.1)
      thread_safe (~> 0.3, >= 0.3.4)
      tzinfo (~> 1.1)
    airbrussh (1.0.2)
      sshkit (>= 1.6.1, != 1.7.0)
    arel (6.0.3)
    autoprefixer-rails (6.3.6)
      execjs
    bcrypt (3.1.11)
    binding_of_caller (0.7.2)
      debug_inspector (>= 0.0.1)
    bootstrap-sass (3.3.6)
      autoprefixer-rails (>= 5.2.1)
      sass (>= 3.3.4)
    builder (3.2.2)
    byebug (9.0.0)
    capistrano (3.5.0)
      airbrussh (>= 1.0.0)
      capistrano-harrow
      i18n
      rake (>= 10.0.0)
      sshkit (>= 1.9.0)
    capistrano-bundler (1.1.4)
      capistrano (~> 3.1)
      sshkit (~> 1.2)
    capistrano-harrow (0.5.1)
    capistrano-rails (1.1.6)
      capistrano (~> 3.1)
      capistrano-bundler (~> 1.1)
    carrierwave (0.11.2)
      activemodel (>= 3.2.0)
      activesupport (>= 3.2.0)
      json (>= 1.7)
      mime-types (>= 1.16)
      mimemagic (>= 0.3.0)
    chosen-rails (1.5.2)
      coffee-rails (>= 3.2)
      railties (>= 3.0)
      sass-rails (>= 3.2)
    coderay (1.1.1)
    coffee-rails (4.1.1)
      coffee-script (>= 2.2.0)
      railties (>= 4.0.0, < 5.1.x)
    coffee-script (2.4.1)
      coffee-script-source
      execjs
    coffee-script-source (1.10.0)
    concurrent-ruby (1.0.2)
    debug_inspector (0.0.2)
    devise (4.1.0)
      bcrypt (~> 3.0)
      orm_adapter (~> 0.1)
      railties (>= 4.1.0, < 5.1)
      responders
      warden (~> 1.2.3)
    erubis (2.7.0)
    execjs (2.6.0)
    faraday (0.9.2)
      multipart-post (>= 1.2, < 3)
    font-awesome-rails (4.6.2.0)
      railties (>= 3.2, < 5.1)
    foreigner (1.7.4)
      activerecord (>= 3.0.0)
    globalid (0.3.6)
      activesupport (>= 4.1.0)
    gretel (3.0.8)
      rails (>= 3.2.0)
    haml (4.0.7)
      tilt
    hashie (3.4.4)
    i18n (0.7.0)
    jbuilder (2.4.1)
      activesupport (>= 3.0.0, < 5.1)
      multi_json (~> 1.2)
    jquery-form-validator-rails (0.0.2)
      railties (>= 3.2, < 5.0)
      thor (~> 0.14)
    jquery-rails (4.1.1)
      rails-dom-testing (>= 1, < 3)
      railties (>= 4.2.0)
      thor (>= 0.14, < 2.0)
    jquery-steps-rails (1.0.4.1)
      jquery-rails
    jquery-turbolinks (2.1.0)
      railties (>= 3.1.0)
      turbolinks
    jquery-ui-rails (5.0.5)
      railties (>= 3.2.16)
    jquery-validation-rails (1.13.1)
      railties (>= 3.2, < 5.0)
      thor (~> 0.14)
    json (1.8.3)
    jwt (1.5.1)
    kaminari (0.16.3)
      actionpack (>= 3.0.0)
      activesupport (>= 3.0.0)
    kgio (2.10.0)
    libv8 (3.16.14.15)
    loofah (2.0.3)
      nokogiri (>= 1.5.9)
    mail (2.6.4)
      mime-types (>= 1.16, < 4)
    mailboxer (0.13.0)
      carrierwave (>= 0.5.8)
      foreigner (>= 0.9.1)
      rails (>= 3.2.0)
    method_source (0.8.2)
    mime-types (3.0)
      mime-types-data (~> 3.2015)
    mime-types-data (3.2016.0221)
    mimemagic (0.3.1)
    mini_portile2 (2.0.0)
    minitest (5.8.4)
    multi_json (1.12.0)
    multi_xml (0.5.5)
    multipart-post (2.0.0)
    mysql2 (0.3.18)
    nested_form (0.3.2)
    net-scp (1.2.1)
      net-ssh (>= 2.6.5)
    net-ssh (3.1.1)
    nokogiri (1.6.7.2)
      mini_portile2 (~> 2.0.0.rc2)
    oauth2 (1.1.0)
      faraday (>= 0.8, < 0.10)
      jwt (~> 1.0, < 1.5.2)
      multi_json (~> 1.3)
      multi_xml (~> 0.5)
      rack (>= 1.2, < 3)
    omniauth (1.3.1)
      hashie (>= 1.2, < 4)
      rack (>= 1.0, < 3)
    omniauth-facebook (3.0.0)
      omniauth-oauth2 (~> 1.2)
    omniauth-oauth2 (1.3.1)
      oauth2 (~> 1.0)
      omniauth (~> 1.2)
    orm_adapter (0.5.0)
    pry (0.10.3)
      coderay (~> 1.1.0)
      method_source (~> 0.8.1)
      slop (~> 3.4)
    pry-rails (0.3.4)
      pry (>= 0.9.10)
    rack (1.6.4)
    rack-pjax (0.8.0)
      nokogiri (~> 1.5)
      rack (~> 1.1)
    rack-test (0.6.3)
      rack (>= 1.0)
    rails (4.2.5)
      actionmailer (= 4.2.5)
      actionpack (= 4.2.5)
      actionview (= 4.2.5)
      activejob (= 4.2.5)
      activemodel (= 4.2.5)
      activerecord (= 4.2.5)
      activesupport (= 4.2.5)
      bundler (>= 1.3.0, < 2.0)
      railties (= 4.2.5)
      sprockets-rails
    rails-deprecated_sanitizer (1.0.3)
      activesupport (>= 4.2.0.alpha)
    rails-dom-testing (1.0.7)
      activesupport (>= 4.2.0.beta, < 5.0)
      nokogiri (~> 1.6.0)
      rails-deprecated_sanitizer (>= 1.0.1)
    rails-html-sanitizer (1.0.3)
      loofah (~> 2.0)
    rails_admin (0.8.1)
      builder (~> 3.1)
      coffee-rails (~> 4.0)
      font-awesome-rails (>= 3.0, < 5)
      haml (~> 4.0)
      jquery-rails (>= 3.0, < 5)
      jquery-ui-rails (~> 5.0)
      kaminari (~> 0.14)
      nested_form (~> 0.3)
      rack-pjax (~> 0.7)
      rails (~> 4.0)
      remotipart (~> 1.0)
      safe_yaml (~> 1.0)
      sass-rails (>= 4.0, < 6)
    railties (4.2.5)
      actionpack (= 4.2.5)
      activesupport (= 4.2.5)
      rake (>= 0.8.7)
      thor (>= 0.18.1, < 2.0)
    raindrops (0.16.0)
    rake (11.1.2)
    rb-readline (0.5.3)
    rdoc (4.2.2)
      json (~> 1.4)
    ref (2.0.0)
    remotipart (1.2.1)
    responders (2.2.0)
      railties (>= 4.2.0, < 5.1)
    rest-client (1.6.7)
      mime-types (>= 1.16)
    rmagick (2.15.4)
    safe_yaml (1.0.4)
    sass (3.4.22)
    sass-rails (5.0.4)
      railties (>= 4.0.0, < 5.0)
      sass (~> 3.1)
      sprockets (>= 2.8, < 4.0)
      sprockets-rails (>= 2.0, < 4.0)
      tilt (>= 1.1, < 3)
    sdoc (0.4.1)
      json (~> 1.7, >= 1.7.7)
      rdoc (~> 4.0)
    simple_calendar (2.1.2)
      rails (>= 3.0)
    sitemap_generator (5.1.0)
      builder
    slop (3.6.0)
    sprockets (3.6.0)
      concurrent-ruby (~> 1.0)
      rack (> 1, < 3)
    sprockets-rails (3.0.4)
      actionpack (>= 4.0)
      activesupport (>= 4.0)
      sprockets (>= 3.0.0)
    sshkit (1.10.0)
      net-scp (>= 1.1.2)
      net-ssh (>= 2.8.0)
    stripe (1.43.1)
      rest-client (~> 1.4)
    therubyracer (0.12.2)
      libv8 (~> 3.16.14.0)
      ref
    thor (0.19.1)
    thread_safe (0.3.5)
    tilt (2.0.3)
    turbolinks (2.5.3)
      coffee-rails
    tzinfo (1.2.2)
      thread_safe (~> 0.1)
    uglifier (3.0.0)
      execjs (>= 0.3.0, < 3)
    unicorn (5.1.0)
      kgio (~> 2.6)
      raindrops (~> 0.7)
    warden (1.2.6)
      rack (>= 1.0)
    web-console (2.3.0)
      activemodel (>= 4.0)
      binding_of_caller (>= 0.7.2)
      railties (>= 4.0)
      sprockets-rails (>= 2.0, < 4.0)
    webpay (3.2.3)
      faraday (~> 0.9)
    wicked (1.3.0)
      railties (>= 3.0.7)

PLATFORMS
  ruby

DEPENDENCIES
  bcrypt (~> 3.1.7)
  bootstrap-sass
  byebug
  capistrano (>= 3)
  capistrano-bundler
  capistrano-rails
  capistrano-rbenv!
  carrierwave
  chosen-rails
  coffee-rails (~> 4.1.0)
  devise
  gretel
  jbuilder (~> 2.0)
  jquery-form-validator-rails
  jquery-rails
  jquery-steps-rails
  jquery-turbolinks
  jquery-validation-rails
  kaminari
  mailboxer
  mysql2 (= 0.3.18)
  omniauth
  omniauth-facebook
  omniauth-oauth2 (~> 1.3.1)
  pry-rails
  rails (= 4.2.5)
  rails_admin
  rb-readline
  rmagick
  sass-rails (~> 5.0)
  sdoc (~> 0.4.0)
  simple_calendar (~> 2.0)
  sitemap_generator
  stripe
  therubyracer
  turbolinks
  uglifier (>= 1.3.0)
  unicorn
  web-console (~> 2.0)
  webpay
  wicked

BUNDLED WITH
   1.10.6
